GEM
  remote: https://rubygems.org/
  specs:
    clearbit (0.2.8)
      nestful (~> 1.1.0)
    coderay (1.1.2)
    daemons (1.2.6)
    dotenv (2.5.0)
    eventmachine (1.2.7)
    faraday (0.15.2)
      multipart-post (>= 1.2, < 3)
    faraday_middleware (0.12.2)
      faraday (>= 0.7.4, < 1.0)
    hashie (3.5.7)
    method_source (0.9.0)
    minitest (5.11.3)
    multipart-post (2.0.0)
    mustermann (1.0.2)
    nestful (1.1.3)
    plaid (6.1.0)
      faraday
      faraday_middleware
      hashie (>= 3.4.3)
    pry (0.11.3)
      coderay (~> 1.1.0)
      method_source (~> 0.9.0)
    rack (2.0.5)
    rack-protection (2.0.3)
      rack
    shotgun (0.9.2)
      rack (>= 1.0)
    sinatra (2.0.3)
      mustermann (~> 1.0)
      rack (~> 2.0)
      rack-protection (= 2.0.3)
      tilt (~> 2.0)
    thin (1.7.2)
      daemons (~> 1.0, >= 1.0.9)
      eventmachine (~> 1.0, >= 1.0.4)
      rack (>= 1, < 3)
    tilt (2.0.8)

PLATFORMS
  ruby

DEPENDENCIES
  clearbit
  dotenv
  minitest
  plaid
  pry
  shotgun
  sinatra
  thin

BUNDLED WITH
   1.16.2
